GIT
  remote: git://github.com/crossroads/crossroads_capistrano.git
  revision: e6822b70f69bde8ae6c15b3e268be02256164636
  specs:
    crossroads_capistrano (1.4.42)
      capistrano (>= 2.6.0)
      capistrano-ext (>= 1.2.1)
      capistrano_colors (>= 0.5.4)
      rvm-capistrano (>= 1.0.1)

GIT
  remote: git://github.com/crossroads/mingle4r.git
  revision: 1eb1401035f2089d4a9cd6e8e716f02cc59e0bfe
  specs:
    mingle4r (0.4.8)
      activeresource

GIT
  remote: git@bitbucket.org:crossroadsIT/ffcrm_crossroads.git
  revision: 037028df2989473b97b2a5fd88c9a59df05e078b
  specs:
    ffcrm_crossroads (1.0.1)
      fat_free_crm
      nestful

GIT
  remote: https://github.com/crossroads/crowd.git
  revision: 3b0da25cf2d57ac6e5633b5e601538eb1291c98c
  specs:
    crowd-crossroads (0.5.12)

GIT
  remote: https://github.com/crossroads/crowd_rails.git
  revision: 371f57ee567bec9acfafc6e05b4bf25de568936e
  specs:
    crowd_rails (0.5.11)

GIT
  remote: https://github.com/crossroads/ffcrm_authlogic_api.git
  revision: 8599f41419de7e8444b674290f8d4a77552580d6
  specs:
    ffcrm_authlogic_api (0.1.0)
      authlogic
      fat_free_crm

GIT
  remote: https://github.com/crossroads/ffcrm_crossroads_formstack.git
  revision: 188c742016ee6fa753b81db03886c0e81711c893
  specs:
    ffcrm_crossroads_formstack (1.0.1)
      fat_free_crm
      formstack

GIT
  remote: https://github.com/crossroads/ffcrm_meta_search.git
  revision: 0fe4d48b521201e4dceddb2d5dd1ec6afceff69a
  specs:
    ffcrm_meta_search (1.0.1)
      fat_free_crm

GIT
  remote: https://github.com/fatfreecrm/fat_free_crm.git
  revision: 36a84871813fde222090aad80a40a477a65142eb
  branch: cancan
  specs:
    fat_free_crm (0.11.3)
      acts-as-taggable-on (~> 2.2.1)
      acts_as_commentable (~> 3.0.1)
      acts_as_list (~> 0.1.4)
      ajax-chosen-rails (>= 0.2.0)
      authlogic (~> 3.1.0)
      cancan
      dynamic_form
      email_reply_parser_ffcrm
      ffaker (>= 1.12.0)
      haml (~> 3.1.3)
      jquery-rails
      nokogiri
      paper_trail
      paperclip (~> 2.7.0)
      premailer
      prototype-rails
      rails (~> 3.2.2)
      ransack_ffcrm (~> 0.6.0)
      responds_to_parent (>= 1.1.0)
      sass (~> 3.1.10)
      simple_form (~> 2.0.1)
      valium
      will_paginate (~> 3.0.2)

GIT
  remote: https://github.com/fatfreecrm/ffcrm_crowd.git
  revision: 6b5d5cebdacda3a8c8fa9994bc14a87aca3c0f39
  specs:
    ffcrm_crowd (1.0.1)
      fat_free_crm

GIT
  remote: https://github.com/fatfreecrm/ffcrm_merge.git
  revision: 9ddd4b3a38eb6839a21dc6bf70b58acf65de22d9
  specs:
    ffcrm_merge (1.2)
      fat_free_crm

GIT
  remote: https://github.com/fatfreecrm/ffcrm_mingle.git
  revision: 6c2c32ae27c6765d1101446d939c5359cf97ba1a
  specs:
    ffcrm_mingle (1.0.1)
      fat_free_crm
      mingle4r

GIT
  remote: https://github.com/fatfreecrm/ffcrm_service_hooks.git
  revision: 760a9af612745a0131a71450230fd3343d04e81e
  specs:
    ffcrm_service_hooks (1.0.1)
      fat_free_crm
      ffcrm_merge
      nestful

GIT
  remote: https://github.com/tribalvibes/soap4r-spox.git
  revision: 7e3cb897d7c0f5a0bc47fe6976610348cbd1f80a
  specs:
    soap4r (1.5.8.5)
      httpclient (>= 2.1.1)

GEM
  remote: http://rubygems.org/
  specs:
    RedCloth (4.2.9)
    actionmailer (3.2.3)
      actionpack (= 3.2.3)
      mail (~> 2.4.4)
    actionpack (3.2.3)
      activemodel (= 3.2.3)
      activesupport (= 3.2.3)
      builder (~> 3.0.0)
      erubis (~> 2.7.0)
      journey (~> 1.0.1)
      rack (~> 1.4.0)
      rack-cache (~> 1.2)
      rack-test (~> 0.6.1)
      sprockets (~> 2.1.2)
    activemodel (3.2.3)
      activesupport (= 3.2.3)
      builder (~> 3.0.0)
    activerecord (3.2.3)
      activemodel (= 3.2.3)
      activesupport (= 3.2.3)
      arel (~> 3.0.2)
      tzinfo (~> 0.3.29)
    activeresource (3.2.3)
      activemodel (= 3.2.3)
      activesupport (= 3.2.3)
    activesupport (3.2.3)
      i18n (~> 0.6)
      multi_json (~> 1.0)
    acts-as-taggable-on (2.2.2)
      rails (~> 3.0)
    acts_as_commentable (3.0.1)
    acts_as_list (0.1.6)
    addressable (2.2.8)
    ajax-chosen-rails (0.2.0)
      chosen-rails_ffcrm
      railties (~> 3.0)
      thor (~> 0.14)
    arel (3.0.2)
    authlogic (3.1.0)
      activerecord (>= 3.0.7)
      activerecord (>= 3.0.7)
    builder (3.0.0)
    bundler_local_development (0.3.0)
      bundler
    cancan (1.6.7)
    capistrano (2.12.0)
      highline
      net-scp (>= 1.0.0)
      net-sftp (>= 2.0.0)
      net-ssh (>= 2.0.14)
      net-ssh-gateway (>= 1.1.0)
    capistrano-ext (1.2.1)
      capistrano (>= 1.0.0)
    capistrano_colors (0.5.5)
    chosen-rails_ffcrm (0.9.5)
      railties (~> 3.0)
      thor (~> 0.14)
    chronic (0.6.7)
    cocaine (0.2.1)
    coffee-rails (3.2.2)
      coffee-script (>= 2.2.0)
      railties (~> 3.2.0)
    coffee-script (2.2.0)
      coffee-script-source
      execjs
    coffee-script-source (1.3.1)
    columnize (0.3.6)
    css_parser (1.2.6)
      addressable
      rdoc
    debugger (1.0.0)
      columnize (>= 0.3.1)
      debugger-linecache
      debugger-ruby_core_source
    debugger-linecache (1.0.1)
      debugger-ruby_core_source
    debugger-ruby_core_source (1.0.1)
    dynamic_form (1.1.4)
    email_reply_parser_ffcrm (0.5.0)
    erubis (2.7.0)
    execjs (1.3.0)
      multi_json (~> 1.0)
    ffaker (1.14.0)
    formstack (0.0.1)
      hashie (>= 0.1.3)
      httparty (>= 0.1.0)
    haml (3.1.6)
    hashie (1.2.0)
    highline (1.6.12)
    hike (1.2.1)
    hoptoad_notifier (2.4.11)
      activesupport
      builder
    htmlentities (4.3.1)
    httparty (0.8.1)
      multi_json
      multi_xml
    httpclient (2.2.4)
    i18n (0.6.0)
    journey (1.0.3)
    jquery-rails (2.0.2)
      railties (>= 3.2.0, < 5.0)
      thor (~> 0.14)
    json (1.6.6)
    kgio (2.7.4)
    libv8 (3.3.10.4)
    linecache (0.46)
      rbx-require-relative (> 0.0.4)
    mail (2.4.4)
      i18n (>= 0.4.0)
      mime-types (~> 1.16)
      treetop (~> 1.4.8)
    mime-types (1.18)
    multi_json (1.2.0)
    multi_xml (0.4.2)
    nestful (0.0.8)
      activesupport (>= 3.0.0.beta)
    net-scp (1.0.4)
      net-ssh (>= 1.99.1)
    net-sftp (2.0.5)
      net-ssh (>= 2.0.9)
    net-ssh (2.3.0)
    net-ssh-gateway (1.1.0)
      net-ssh (>= 1.99.1)
    newrelic_rpm (3.3.0)
    nokogiri (1.5.2)
    paper_trail (2.6.3)
      activerecord (~> 3.0)
      railties (~> 3.0)
    paperclip (2.7.0)
      activerecord (>= 2.3.0)
      activesupport (>= 2.3.2)
      cocaine (>= 0.0.2)
      mime-types
    pg (0.12.2)
    polyamorous (0.5.0)
      activerecord (~> 3.0)
    polyglot (0.3.3)
    premailer (1.7.3)
      css_parser (>= 1.1.9)
      htmlentities (>= 4.0.0)
    prototype-rails (3.2.1)
      rails (~> 3.2)
    rack (1.4.1)
    rack-cache (1.2)
      rack (>= 0.4)
    rack-ssl (1.3.2)
      rack
    rack-test (0.6.1)
      rack (>= 1.0)
    rails (3.2.3)
      actionmailer (= 3.2.3)
      actionpack (= 3.2.3)
      activerecord (= 3.2.3)
      activeresource (= 3.2.3)
      activesupport (= 3.2.3)
      bundler (~> 1.0)
      railties (= 3.2.3)
    rails-erd (0.4.5)
      activerecord (~> 3.0)
      activesupport (~> 3.0)
      ruby-graphviz (~> 0.9.18)
    railties (3.2.3)
      actionpack (= 3.2.3)
      activesupport (= 3.2.3)
      rack-ssl (~> 1.3.2)
      rake (>= 0.8.7)
      rdoc (~> 3.4)
      thor (~> 0.14.6)
    raindrops (0.8.0)
    rake (0.9.2.2)
    ransack_ffcrm (0.6.0)
      actionpack (~> 3.0)
      activerecord (~> 3.0)
      chronic (~> 0.6.7)
      polyamorous (~> 0.5.0)
    rbx-require-relative (0.0.9)
    rdoc (3.12)
      json (~> 1.4)
    responds_to_parent (1.1.0)
    ruby-debug (0.10.4)
      columnize (>= 0.1)
      ruby-debug-base (~> 0.10.4.0)
    ruby-debug-base (0.10.4)
      linecache (>= 0.3)
    ruby-graphviz (0.9.21)
    rvm-capistrano (1.1.0)
      capistrano (>= 2.0.0)
    sass (3.1.15)
    sass-rails (3.2.5)
      railties (~> 3.2.0)
      sass (>= 3.1.10)
      tilt (~> 1.3)
    simple_form (2.0.2)
      actionpack (~> 3.0)
      activemodel (~> 3.0)
    sprockets (2.1.2)
      hike (~> 1.2)
      rack (~> 1.0)
      tilt (~> 1.1, != 1.3.0)
    therubyracer (0.10.1)
      libv8 (~> 3.3.10)
    thor (0.14.6)
    tilt (1.3.3)
    treetop (1.4.10)
      polyglot
      polyglot (>= 0.3.1)
    tzinfo (0.3.33)
    uglifier (1.2.4)
      execjs (>= 0.3.0)
      multi_json (>= 1.0.2)
    unicorn (4.2.1)
      kgio (~> 2.6)
      rack
      raindrops (~> 0.7)
    valium (0.5.0)
      activerecord (>= 3.0.2)
    whenever (0.7.3)
      activesupport (>= 2.3.4)
      chronic (~> 0.6.3)
    will_paginate (3.0.3)

PLATFORMS
  ruby

DEPENDENCIES
  RedCloth
  bundler_local_development
  coffee-rails (~> 3.2.1)
  crossroads_capistrano!
  crowd-crossroads!
  crowd_rails!
  debugger
  fat_free_crm!
  ffcrm_authlogic_api!
  ffcrm_crossroads!
  ffcrm_crossroads_formstack!
  ffcrm_crowd!
  ffcrm_merge!
  ffcrm_meta_search!
  ffcrm_mingle!
  ffcrm_service_hooks!
  formstack (= 0.0.1)
  hoptoad_notifier
  mingle4r!
  newrelic_rpm (= 3.3.0)
  pg (~> 0.12.2)
  rails-erd
  ruby-debug
  sass-rails (~> 3.2.3)
  soap4r!
  therubyracer
  uglifier (>= 1.0.3)
  unicorn
  whenever (~> 0.7.0)
